GEM
  remote: https://rubygems.org/
  specs:
    AXElements (7.0.0.pre5)
      accessibility_core (~> 0.5.0)
      accessibility_keyboard (~> 1.0)
      activesupport (~> 4.2)
      mouse (~> 4.0)
      screen_recorder (~> 0.1.5)
    CFPropertyList (2.3.1)
    accessibility_core (0.5.0)
    accessibility_keyboard (1.0.0)
    activesupport (4.2.1)
      i18n (~> 0.7)
      json (~> 1.7, >= 1.7.7)
      minitest (~> 5.1)
      thread_safe (~> 0.3, >= 0.3.4)
      tzinfo (~> 1.1)
    awesome_print (1.6.1)
    builder (3.2.2)
    calabash-common (0.0.1)
      cucumber (~> 1.3.0)
    calabash-cucumber (0.14.3)
      CFPropertyList
      awesome_print
      bundler (~> 1.3)
      calabash-common (~> 0.0.1)
      cucumber (~> 1.3.17)
      edn (>= 1.0.6, < 2.0)
      geocoder (>= 1.1.8, < 2.0)
      httpclient (>= 2.3.2, < 3.0)
      json
      run_loop (>= 1.3.3, < 2.0)
      sim_launcher (~> 0.4.13)
      slowhandcuke (~> 0.0.3)
    childprocess (0.5.6)
      ffi (~> 1.0, >= 1.0.11)
    chronic_duration (0.10.6)
      numerizer (~> 0.1.1)
    cucumber (1.3.19)
      builder (>= 2.1.2)
      diff-lcs (>= 1.1.3)
      gherkin (~> 2.12)
      multi_json (>= 1.7.5, < 2.0)
      multi_test (>= 0.1.2)
    diff-lcs (1.2.5)
    edn (1.0.7)
    ffi (1.9.8)
    geocoder (1.2.8)
    gherkin (2.12.2)
      multi_json (~> 1.3)
    httpclient (2.6.0.1)
    i18n (0.7.0)
    json (1.8.2)
    minitest (5.7.0)
    mouse (4.0.3)
    multi_json (1.11.0)
    multi_test (0.1.2)
    numerizer (0.1.1)
    rack (1.6.1)
    rack-protection (1.5.3)
      rack
    retriable (2.0.2)
    rubyzip (1.1.7)
    run_loop (1.3.3)
      CFPropertyList (~> 2.2)
      awesome_print (~> 1.2)
      json (~> 1.8)
      retriable (>= 1.3.3.1, < 2.1)
      thor (>= 0.18.1, < 1.0)
    screen_recorder (0.1.6)
    selenium-webdriver (2.45.0)
      childprocess (~> 0.5)
      multi_json (~> 1.0)
      rubyzip (~> 1.0)
      websocket (~> 1.0)
    sim_launcher (0.4.13)
      sinatra
    sinatra (1.4.6)
      rack (~> 1.4)
      rack-protection (~> 1.4)
      tilt (>= 1.3, < 3)
    slowhandcuke (0.0.3)
      cucumber
    spec (5.3.4)
      chronic_duration (~> 0.10.2)
    syntax (1.2.0)
    thor (0.19.1)
    thread_safe (0.3.5)
    tilt (2.0.1)
    tzinfo (1.2.2)
      thread_safe (~> 0.1)
    websocket (1.2.2)
    yard (0.8.7.6)
    yard-cucumber (2.3.2)
      cucumber (~> 1.3)
      gherkin (~> 2.12)
      yard (>= 0.8.1)

PLATFORMS
  ruby

DEPENDENCIES
  AXElements (~> 7.0.0.Pre)
  calabash-cucumber (~> 0.14.3)
  rubyzip
  run_loop (~> 1.3.3)
  selenium-webdriver
  spec
  syntax
  yard-cucumber
